GIT
  remote: git://github.com/madebymany/assert_valid_html.git
  revision: 9d4e03795ecd822d55068663465e37879bdf4fcc
  specs:
    assert_valid_html (0.2.1)

GEM
  remote: http://rubygems.org/
  specs:
    git (1.2.5)
    jeweler (1.6.2)
      bundler (~> 1.0)
      git (>= 1.2.5)
      rake
    mocha (0.9.12)
    nokogiri (1.4.4)
    rake (0.9.2)
    rcov (0.9.9)
    rdiscount (1.6.8)
    shoulda (2.11.3)

PLATFORMS
  ruby

DEPENDENCIES
  assert_valid_html!
  bundler (~> 1.0.0)
  jeweler (~> 1.6.2)
  mocha
  nokogiri
  rcov
  rdiscount
  shoulda
